PATH
  remote: .
  specs:
    annex_29 (0.2.0)

GEM
  remote: https://rubygems.org/
  specs:
    diff-lcs (1.5.1)
    rake (13.2.1)
    rspec (3.13.0)
      rspec-core (~> 3.13.0)
      rspec-expectations (~> 3.13.0)
      rspec-mocks (~> 3.13.0)
    rspec-core (3.13.0)
      rspec-support (~> 3.13.0)
    rspec-expectations (3.13.0)
      diff-lcs (>= 1.2.0, < 2.0)
      rspec-support (~> 3.13.0)
    rspec-mocks (3.13.0)
      diff-lcs (>= 1.2.0, < 2.0)
      rspec-support (~> 3.13.0)
    rspec-support (3.13.0)

PLATFORMS
  arm64-darwin-22
  x86_64-linux

DEPENDENCIES
  annex_29!
  rake (~> 13.1)
  rspec (~> 3.5)

BUNDLED WITH
   2.4.10
